PATH
  remote: .
  specs:
    dj (0.0.2)
      docker-api
      droplet_kit

GEM
  remote: https://rubygems.org/
  specs:
    addressable (2.7.0)
      public_suffix (>= 2.0.2, < 5.0)
    axiom-types (0.1.1)
      descendants_tracker (~> 0.0.4)
      ice_nine (~> 0.11.0)
      thread_safe (~> 0.3, >= 0.3.1)
    coercible (1.0.0)
      descendants_tracker (~> 0.0.1)
    descendants_tracker (0.0.4)
      thread_safe (~> 0.3, >= 0.3.1)
    docker-api (2.0.0)
      excon (>= 0.47.0)
      multi_json
    droplet_kit (3.13.0)
      faraday (>= 0.15)
      kartograph (~> 0.2.3)
      resource_kit (~> 0.1.5)
      virtus (~> 1.0.3)
    equalizer (0.0.11)
    excon (0.78.1)
    faraday (1.3.0)
      faraday-net_http (~> 1.0)
      multipart-post (>= 1.2, < 3)
      ruby2_keywords
    faraday-net_http (1.0.1)
    ice_nine (0.11.2)
    kartograph (0.2.8)
    multi_json (1.15.0)
    multipart-post (2.1.1)
    public_suffix (4.0.6)
    resource_kit (0.1.7)
      addressable (>= 2.3.6, < 3.0.0)
    ruby2_keywords (0.0.4)
    thread_safe (0.3.6)
    virtus (1.0.5)
      axiom-types (~> 0.1)
      coercible (~> 1.0)
      descendants_tracker (~> 0.0, >= 0.0.3)
      equalizer (~> 0.0, >= 0.0.9)

PLATFORMS
  ruby

DEPENDENCIES
  dj!

BUNDLED WITH
   1.11.2
